GEM
  remote: https://rubygems.org/
  specs:
    base64 (0.1.0)
    benchmark (0.1.1)
    rbzip2 (0.3.0)
    ruby-lzma (0.4.3)
    ruby-xz (1.0.0)

PLATFORMS
  ruby

DEPENDENCIES
  base64
  benchmark (~> 0.1.1)
  rbzip2 (~> 0.3.0)
  ruby-lzma (~> 0.4.3)
  ruby-xz (~> 1.0)

BUNDLED WITH
   2.1.4
